GEM
  remote: http://rubygems.org/
  specs:
    coderay (1.1.2)
    github-markup (1.6.2)
    method_source (0.9.0)
    multi_json (1.12.2)
    pry (0.11.3)
      coderay (~> 1.1.0)
      method_source (~> 0.9.0)
    pygments.rb (1.2.0)
      multi_json (>= 1.0.0)
    rack (2.0.3)
    rake (12.3.0)
    tilt (2.0.8)
    watchr (0.7)

PLATFORMS
  ruby

DEPENDENCIES
  github-markup
  pry
  pygments.rb
  rack
  rake
  tilt
  watchr

BUNDLED WITH
   1.16.0.pre.3
